GEM
  remote: https://rubygems.org/
  specs:
    actionmailer (4.0.1)
      actionpack (= 4.0.1)
      mail (~> 2.5.4)
    actionpack (4.0.1)
      activesupport (= 4.0.1)
      builder (~> 3.1.0)
      erubis (~> 2.7.0)
      rack (~> 1.5.2)
      rack-test (~> 0.6.2)
    activemodel (4.0.1)
      activesupport (= 4.0.1)
      builder (~> 3.1.0)
    activerecord (4.0.1)
      activemodel (= 4.0.1)
      activerecord-deprecated_finders (~> 1.0.2)
      activesupport (= 4.0.1)
      arel (~> 4.0.0)
    activerecord-deprecated_finders (1.0.4)
    activerecord-tableless (1.3.4)
      activerecord (>= 2.3.0)
    activesupport (4.0.1)
      i18n (~> 0.6, >= 0.6.4)
      minitest (~> 4.2)
      multi_json (~> 1.3)
      thread_safe (~> 0.1)
      tzinfo (~> 0.3.37)
    addressable (2.3.8)
    arel (4.0.2)
    autoparse (0.3.3)
      addressable (>= 2.3.1)
      extlib (>= 0.9.15)
      multi_json (>= 1.0.0)
    better_errors (2.1.1)
      coderay (>= 1.0.0)
      erubis (>= 2.6.6)
      rack (>= 0.9.0)
    builder (3.1.4)
    chunky_png (1.3.4)
    coderay (1.1.0)
    coffee-rails (4.1.0)
      coffee-script (>= 2.2.0)
      railties (>= 4.0.0, < 5.0)
    coffee-script (2.4.1)
      coffee-script-source
      execjs
    coffee-script-source (1.9.1.1)
    compass (1.0.3)
      chunky_png (~> 1.2)
      compass-core (~> 1.0.2)
      compass-import-once (~> 1.0.5)
      rb-fsevent (>= 0.9.3)
      rb-inotify (>= 0.9)
      sass (>= 3.3.13, < 3.5)
    compass-core (1.0.3)
      multi_json (~> 1.0)
      sass (>= 3.3.0, < 3.5)
    compass-import-once (1.0.5)
      sass (>= 3.2, < 3.5)
    compass-rails (2.0.5)
      compass (~> 1.0.0)
      sass-rails (< 5.1)
      sprockets (< 2.13)
    erubis (2.7.0)
    execjs (2.6.0)
    extlib (0.9.16)
    faraday (0.9.2)
      multipart-post (>= 1.2, < 3)
    ffi (1.9.10)
    figaro (1.1.1)
      thor (~> 0.14)
    gibbon (2.1.0)
      faraday (>= 0.9.1)
      multi_json (>= 1.11.0)
    google-api-client (0.8.6)
      activesupport (>= 3.2)
      addressable (~> 2.3)
      autoparse (~> 0.3)
      extlib (~> 0.9)
      faraday (~> 0.9)
      googleauth (~> 0.3)
      launchy (~> 2.4)
      multi_json (~> 1.10)
      retriable (~> 1.4)
      signet (~> 0.6)
    google_drive (1.0.1)
      google-api-client (>= 0.7.0)
      nokogiri (>= 1.4.4, != 1.5.2, != 1.5.1)
      oauth (>= 0.3.6)
      oauth2 (>= 0.5.0)
    googleauth (0.4.2)
      faraday (~> 0.9)
      jwt (~> 1.4)
      logging (~> 2.0)
      memoist (~> 0.12)
      multi_json (~> 1.11)
      signet (~> 0.6)
    high_voltage (2.4.0)
    hike (1.2.3)
    i18n (0.7.0)
    jbuilder (2.3.2)
      activesupport (>= 3.0.0, < 5)
      multi_json (~> 1.2)
    jquery-rails (3.1.4)
      railties (>= 3.0, < 5.0)
      thor (>= 0.14, < 2.0)
    json (1.8.3)
    jwt (1.5.1)
    launchy (2.4.3)
      addressable (~> 2.3)
    little-plugger (1.1.4)
    logging (2.0.0)
      little-plugger (~> 1.1)
      multi_json (~> 1.10)
    mail (2.5.4)
      mime-types (~> 1.16)
      treetop (~> 1.4.8)
    memoist (0.12.0)
    mime-types (1.25.1)
    mini_portile (0.6.2)
    minitest (4.7.5)
    multi_json (1.11.2)
    multi_xml (0.5.5)
    multipart-post (2.0.0)
    nokogiri (1.6.6.2)
      mini_portile (~> 0.6.0)
    oauth (0.4.7)
    oauth2 (1.0.0)
      faraday (>= 0.8, < 0.10)
      jwt (~> 1.0)
      multi_json (~> 1.3)
      multi_xml (~> 0.5)
      rack (~> 1.2)
    polyglot (0.3.5)
    quiet_assets (1.1.0)
      railties (>= 3.1, < 5.0)
    rack (1.5.5)
    rack-test (0.6.3)
      rack (>= 1.0)
    rails (4.0.1)
      actionmailer (= 4.0.1)
      actionpack (= 4.0.1)
      activerecord (= 4.0.1)
      activesupport (= 4.0.1)
      bundler (>= 1.3.0, < 2.0)
      railties (= 4.0.1)
      sprockets-rails (~> 2.0.0)
    rails_layout (1.0.26)
    railties (4.0.1)
      actionpack (= 4.0.1)
      activesupport (= 4.0.1)
      rake (>= 0.8.7)
      thor (>= 0.18.1, < 2.0)
    rake (10.4.2)
    rb-fsevent (0.9.6)
    rb-inotify (0.9.5)
      ffi (>= 0.5.0)
    retriable (1.4.1)
    sass (3.4.19)
    sass-rails (5.0.4)
      railties (>= 4.0.0, < 5.0)
      sass (~> 3.1)
      sprockets (>= 2.8, < 4.0)
      sprockets-rails (>= 2.0, < 4.0)
      tilt (>= 1.1, < 3)
    signet (0.6.1)
      addressable (~> 2.3)
      extlib (~> 0.9)
      faraday (~> 0.9)
      jwt (~> 1.5)
      multi_json (~> 1.10)
    simple_form (3.2.0)
      actionpack (~> 4.0)
      activemodel (~> 4.0)
    sprockets (2.12.4)
      hike (~> 1.2)
      multi_json (~> 1.0)
      rack (~> 1.0)
      tilt (~> 1.1, != 1.3.0)
    sprockets-rails (2.0.1)
      actionpack (>= 3.0)
      activesupport (>= 3.0)
      sprockets (~> 2.8)
    sqlite3 (1.3.11)
    thor (0.19.1)
    thread_safe (0.3.5)
    tilt (1.4.1)
    treetop (1.4.15)
      polyglot
      polyglot (>= 0.3.1)
    turbolinks (2.5.3)
      coffee-rails
    tzinfo (0.3.45)
    uglifier (2.7.2)
      execjs (>= 0.3.0)
      json (>= 1.8.0)
    zurb-foundation (4.3.2)
      sass (>= 3.2.0)

PLATFORMS
  ruby

DEPENDENCIES
  activerecord-tableless
  better_errors
  coffee-rails (~> 4.1.0)
  compass-rails (~> 2.0.alpha.0)
  figaro
  gibbon
  google_drive
  high_voltage
  jbuilder (~> 2.0)
  jquery-rails
  quiet_assets
  rails (= 4.0.1)
  rails_layout
  sass-rails (~> 5.0)
  simple_form
  sqlite3
  turbolinks
  uglifier (>= 1.3.0)
  zurb-foundation

BUNDLED WITH
   1.10.6
